GEM
  remote: https://rubygems.org/
  specs:
    erubis (2.7.0)
    minitest (5.11.3)
    multi_json (1.15.0)
    mustermann (1.1.1)
      ruby2_keywords (~> 0.0.1)
    rack (2.2.3)
    rack-protection (2.2.0)
      rack
    rack-test (0.6.3)
      rack (>= 1.0)
    redcarpet (3.5.1)
    ruby2_keywords (0.0.5)
    sinatra (2.2.0)
      mustermann (~> 1.0)
      rack (~> 2.2)
      rack-protection (= 2.2.0)
      tilt (~> 2.0)
    sinatra-contrib (2.2.0)
      multi_json
      mustermann (~> 1.0)
      rack-protection (= 2.2.0)
      sinatra (= 2.2.0)
      tilt (~> 2.0)
    tilt (2.0.10)

PLATFORMS
  ruby

DEPENDENCIES
  erubis
  minitest
  rack-test
  redcarpet
  sinatra
  sinatra-contrib

RUBY VERSION
   ruby 2.7.5p203

BUNDLED WITH
   2.1.4
